GEM
  remote: http://rubygems.org/
  specs:
    msgpack (0.5.1)

PLATFORMS
  ruby

DEPENDENCIES
  msgpack
